PATH
  remote: .
  specs:
    tetra (0.40.0)
      clamp
      json
      nokogiri
      rest-client
      rubyzip (>= 1.0)
      text

GEM
  remote: http://rubygems.org/
  specs:
    clamp (0.6.3)
    diff-lcs (1.2.5)
    json (1.8.1)
    mime-types (2.3)
    mini_portile (0.6.0)
    netrc (0.7.7)
    nokogiri (1.6.3.1)
      mini_portile (= 0.6.0)
    rake (10.3.2)
    rest-client (1.7.2)
      mime-types (>= 1.16, < 3.0)
      netrc (~> 0.7)
    rspec (3.0.0)
      rspec-core (~> 3.0.0)
      rspec-expectations (~> 3.0.0)
      rspec-mocks (~> 3.0.0)
    rspec-core (3.0.4)
      rspec-support (~> 3.0.0)
    rspec-expectations (3.0.4)
      diff-lcs (>= 1.2.0, < 2.0)
      rspec-support (~> 3.0.0)
    rspec-mocks (3.0.4)
      rspec-support (~> 3.0.0)
    rspec-support (3.0.4)
    rubyzip (1.1.6)
    text (1.3.0)

PLATFORMS
  ruby

DEPENDENCIES
  rake
  rspec
  tetra!
