PATH
  remote: .
  specs:
    tetra (1.1.0)
      clamp
      json_pure
      open4
      rubyzip (>= 1.0)
      text

GEM
  remote: http://rubygems.org/
  specs:
    clamp (0.6.5)
    diff-lcs (1.2.5)
    json_pure (1.8.2)
    open4 (1.3.4)
    rake (10.4.2)
    rspec (3.2.0)
      rspec-core (~> 3.2.0)
      rspec-expectations (~> 3.2.0)
      rspec-mocks (~> 3.2.0)
    rspec-core (3.2.3)
      rspec-support (~> 3.2.0)
    rspec-expectations (3.2.1)
      diff-lcs (>= 1.2.0, < 2.0)
      rspec-support (~> 3.2.0)
    rspec-mocks (3.2.1)
      diff-lcs (>= 1.2.0, < 2.0)
      rspec-support (~> 3.2.0)
    rspec-support (3.2.2)
    rubyzip (1.1.7)
    text (1.3.1)

PLATFORMS
  ruby

DEPENDENCIES
  rake
  rspec
  tetra!
