PATH
  remote: .
  specs:
    gjp (0.11.2)
      clamp
      json
      nokogiri
      rest-client
      rubyzip
      text

GEM
  remote: http://rubygems.org/
  specs:
    clamp (0.6.1)
    diff-lcs (1.2.4)
    json (1.8.0)
    mime-types (1.23)
    mini_portile (0.5.1)
    nokogiri (1.6.0)
      mini_portile (~> 0.5.0)
    rake (10.0.4)
    rest-client (1.6.7)
      mime-types (>= 1.16)
    rspec (2.13.0)
      rspec-core (~> 2.13.0)
      rspec-expectations (~> 2.13.0)
      rspec-mocks (~> 2.13.0)
    rspec-core (2.13.1)
    rspec-expectations (2.13.0)
      diff-lcs (>= 1.1.3, < 2.0)
    rspec-mocks (2.13.1)
    rubyzip (0.9.9)
    text (1.2.1)

PLATFORMS
  ruby

DEPENDENCIES
  gjp!
  rake
  rspec
